GIT
  remote: git://github.com/Yellowen/dashstrap.git
  revision: 73e801bd799b7efc34255efe993e5bae3e93e3f4
  specs:
    dashstrap (0.1.0)
      faalis
      font-awesome-rails
      jquery-rails
      jquery-ui-rails
      less-rails
      railties (~> 4)
      select2-rails
      slim-rails

GIT
  remote: git://github.com/Yellowen/json_spec.git
  revision: fb35502467ed90802251f98a7bcaff1052332832
  specs:
    json_spec (1.1.1)
      multi_json (~> 1.0)
      rspec (~> 3.0.0.beta1)

PATH
  remote: .
  specs:
    denden_mushi (0.0.1)
      dashstrap
      faalis
      globalize
      jbuilder
      jquery-rails
      rails (~> 4.2.0)
      sass-rails
      uglifier (>= 1.3.0)

PATH
  remote: /home/mary/src/Faalis
  specs:
    faalis (1.0.0.alpha1)
      angularjs-rails (~> 1.2.16)
      coffee-rails
      devise (~> 3.4.0)
      gettext_i18n_rails
      jbuilder
      jquery-rails
      lodash-rails (~> 2.4)
      model_discovery (~> 0.3.0)
      modernizr-rails
      omniauth
      orm_adapter
      pundit
      rails (~> 4.2.0)
      rails-assets-angular-gettext
      rails-assets-angular-loading-bar
      rails-assets-angular-ui-router
      rails-assets-angular-ui-select2 (~> 0.0.5)
      rails-assets-ng-flow (~> 2.4.2)
      rails-assets-ng-grid (~> 2.0.11)
      rails-assets-ngQuickDate (~> 1.3.0)
      rails-assets-restangular (~> 1.4.0)
      rails-assets-select2 (~> 3.5.0)
      rails-assets-sugar
      sass-rails (~> 5.0)
      slim-rails
      sprockets (~> 2.11.0)

GEM
  remote: http://rubygems.org/
  specs:
    actionmailer (4.2.0)
      actionpack (= 4.2.0)
      actionview (= 4.2.0)
      activejob (= 4.2.0)
      mail (~> 2.5, >= 2.5.4)
      rails-dom-testing (~> 1.0, >= 1.0.5)
    actionpack (4.2.0)
      actionview (= 4.2.0)
      activesupport (= 4.2.0)
      rack (~> 1.6.0)
      rack-test (~> 0.6.2)
      rails-dom-testing (~> 1.0, >= 1.0.5)
      rails-html-sanitizer (~> 1.0, >= 1.0.1)
    actionview (4.2.0)
      activesupport (= 4.2.0)
      builder (~> 3.1)
      erubis (~> 2.7.0)
      rails-dom-testing (~> 1.0, >= 1.0.5)
      rails-html-sanitizer (~> 1.0, >= 1.0.1)
    activejob (4.2.0)
      activesupport (= 4.2.0)
      globalid (>= 0.3.0)
    activemodel (4.2.0)
      activesupport (= 4.2.0)
      builder (~> 3.1)
    activerecord (4.2.0)
      activemodel (= 4.2.0)
      activesupport (= 4.2.0)
      arel (~> 6.0)
    activesupport (4.2.0)
      i18n (~> 0.7)
      json (~> 1.7, >= 1.7.7)
      minitest (~> 5.1)
      thread_safe (~> 0.3, >= 0.3.4)
      tzinfo (~> 1.1)
    addressable (2.3.6)
    angularjs-rails (1.2.26)
    arel (6.0.0)
    bcrypt (3.1.10)
    builder (3.2.2)
    capybara (2.4.4)
      mime-types (>= 1.16)
      nokogiri (>= 1.3.3)
      rack (>= 1.0.0)
      rack-test (>= 0.5.4)
      xpath (~> 2.0)
    coderay (1.1.0)
    coffee-rails (4.1.0)
      coffee-script (>= 2.2.0)
      railties (>= 4.0.0, < 5.0)
    coffee-script (2.3.0)
      coffee-script-source
      execjs
    coffee-script-source (1.9.0)
    commonjs (0.2.7)
    cucumber (1.3.18)
      builder (>= 2.1.2)
      diff-lcs (>= 1.1.3)
      gherkin (~> 2.12)
      multi_json (>= 1.7.5, < 2.0)
      multi_test (>= 0.1.1)
    cucumber-rails (1.4.2)
      capybara (>= 1.1.2, < 3)
      cucumber (>= 1.3.8, < 2)
      mime-types (>= 1.16, < 3)
      nokogiri (~> 1.5)
      rails (>= 3, < 5)
    database_cleaner (1.4.0)
    devise (3.4.1)
      bcrypt (~> 3.0)
      orm_adapter (~> 0.1)
      railties (>= 3.2.6, < 5)
      responders
      thread_safe (~> 0.1)
      warden (~> 1.2.3)
    diff-lcs (1.2.5)
    email_spec (1.6.0)
      launchy (~> 2.1)
      mail (~> 2.2)
    erubis (2.7.0)
    execjs (2.3.0)
    factory_girl (4.5.0)
      activesupport (>= 3.0.0)
    factory_girl_rails (4.5.0)
      factory_girl (~> 4.5.0)
      railties (>= 3.0.0)
    fast_gettext (0.9.2)
    font-awesome-rails (4.3.0.0)
      railties (>= 3.2, < 5.0)
    gettext_i18n_rails (1.2.0)
      fast_gettext (>= 0.9.0)
    gherkin (2.12.2)
      multi_json (~> 1.3)
    globalid (0.3.0)
      activesupport (>= 4.1.0)
    globalize (5.0.0)
      activemodel (>= 4.2.0, < 4.3)
      activerecord (>= 4.2.0, < 4.3)
    hashie (3.4.0)
    hike (1.2.3)
    i18n (0.7.0)
    jbuilder (2.2.6)
      activesupport (>= 3.0.0, < 5)
      multi_json (~> 1.2)
    jquery-rails (4.0.3)
      rails-dom-testing (~> 1.0)
      railties (>= 4.2.0)
      thor (>= 0.14, < 2.0)
    jquery-ui-rails (5.0.3)
      railties (>= 3.2.16)
    json (1.8.2)
    launchy (2.4.3)
      addressable (~> 2.3)
    less (2.6.0)
      commonjs (~> 0.2.7)
    less-rails (2.6.0)
      actionpack (>= 3.1)
      less (~> 2.6.0)
    lodash-rails (2.4.1)
      railties (>= 3.1)
    loofah (2.0.1)
      nokogiri (>= 1.5.9)
    mail (2.6.3)
      mime-types (>= 1.16, < 3)
    method_source (0.8.2)
    mime-types (2.4.3)
    mini_portile (0.6.2)
    minitest (5.5.1)
    model_discovery (0.3.5)
      orm_adapter
      railties (~> 4)
    modernizr-rails (2.7.1)
    multi_json (1.10.1)
    multi_test (0.1.1)
    nokogiri (1.6.6.2)
      mini_portile (~> 0.6.0)
    omniauth (1.2.2)
      hashie (>= 1.2, < 4)
      rack (~> 1.0)
    orm_adapter (0.5.0)
    pry (0.10.1)
      coderay (~> 1.1.0)
      method_source (~> 0.8.1)
      slop (~> 3.4)
    pundit (0.3.0)
      activesupport (>= 3.0.0)
    rack (1.6.0)
    rack-test (0.6.3)
      rack (>= 1.0)
    rails (4.2.0)
      actionmailer (= 4.2.0)
      actionpack (= 4.2.0)
      actionview (= 4.2.0)
      activejob (= 4.2.0)
      activemodel (= 4.2.0)
      activerecord (= 4.2.0)
      activesupport (= 4.2.0)
      bundler (>= 1.3.0, < 2.0)
      railties (= 4.2.0)
      sprockets-rails
    rails-assets-angular (1.2.28)
    rails-assets-angular-gettext (2.0.2)
      rails-assets-angular (>= 1.2.0)
    rails-assets-angular-loading-bar (0.6.0)
    rails-assets-angular-ui-router (0.2.13)
      rails-assets-angular (>= 1.0.8)
    rails-assets-angular-ui-select2 (0.0.5)
      rails-assets-angular (>= 1.2.0)
      rails-assets-jquery (>= 1.6.4)
      rails-assets-select2 (~> 3.4)
    rails-assets-flow.js (2.9.0)
    rails-assets-jquery (2.1.3)
    rails-assets-lodash (2.4.1)
    rails-assets-ng-flow (2.4.3)
      rails-assets-angular (~> 1)
      rails-assets-flow.js (~> 2)
    rails-assets-ng-grid (2.0.14)
      rails-assets-angular (>= 1.0.8, < 2)
      rails-assets-jquery (>= 1.8.0)
    rails-assets-ngQuickDate (1.3.3)
      rails-assets-angular (~> 1.2.0)
    rails-assets-restangular (1.4.0)
      rails-assets-angular
      rails-assets-lodash (>= 1.3.0, < 2.5.0)
    rails-assets-select2 (3.5.2)
      rails-assets-jquery (>= 1.7.1)
    rails-assets-sugar (1.4.2)
    rails-deprecated_sanitizer (1.0.3)
      activesupport (>= 4.2.0.alpha)
    rails-dom-testing (1.0.5)
      activesupport (>= 4.2.0.beta, < 5.0)
      nokogiri (~> 1.6.0)
      rails-deprecated_sanitizer (>= 1.0.1)
    rails-html-sanitizer (1.0.1)
      loofah (~> 2.0)
    railties (4.2.0)
      actionpack (= 4.2.0)
      activesupport (= 4.2.0)
      rake (>= 0.8.7)
      thor (>= 0.18.1, < 2.0)
    rake (10.4.2)
    responders (2.1.0)
      railties (>= 4.2.0, < 5)
    rspec (3.0.0)
      rspec-core (~> 3.0.0)
      rspec-expectations (~> 3.0.0)
      rspec-mocks (~> 3.0.0)
    rspec-core (3.0.4)
      rspec-support (~> 3.0.0)
    rspec-expectations (3.0.4)
      diff-lcs (>= 1.2.0, < 2.0)
      rspec-support (~> 3.0.0)
    rspec-mocks (3.0.4)
      rspec-support (~> 3.0.0)
    rspec-rails (3.0.2)
      actionpack (>= 3.0)
      activesupport (>= 3.0)
      railties (>= 3.0)
      rspec-core (~> 3.0.0)
      rspec-expectations (~> 3.0.0)
      rspec-mocks (~> 3.0.0)
      rspec-support (~> 3.0.0)
    rspec-support (3.0.4)
    sass (3.4.11)
    sass-rails (5.0.1)
      railties (>= 4.0.0, < 5.0)
      sass (~> 3.1)
      sprockets (>= 2.8, < 4.0)
      sprockets-rails (>= 2.0, < 4.0)
      tilt (~> 1.1)
    select2-rails (3.5.9.2)
      thor (~> 0.14)
    slim (3.0.2)
      temple (~> 0.7.3)
      tilt (>= 1.3.3, < 2.1)
    slim-rails (3.0.1)
      actionmailer (>= 3.1, < 5.0)
      actionpack (>= 3.1, < 5.0)
      activesupport (>= 3.1, < 5.0)
      railties (>= 3.1, < 5.0)
      slim (~> 3.0)
    slop (3.6.0)
    sprockets (2.11.3)
      hike (~> 1.2)
      multi_json (~> 1.0)
      rack (~> 1.0)
      tilt (~> 1.1, != 1.3.0)
    sprockets-rails (2.2.4)
      actionpack (>= 3.0)
      activesupport (>= 3.0)
      sprockets (>= 2.8, < 4.0)
    sqlite3 (1.3.10)
    temple (0.7.5)
    thor (0.19.1)
    thread_safe (0.3.4)
    tilt (1.4.1)
    tzinfo (1.2.2)
      thread_safe (~> 0.1)
    uglifier (2.7.0)
      execjs (>= 0.3.0)
      json (>= 1.8.0)
    warden (1.2.3)
      rack (>= 1.0)
    xpath (2.0.0)
      nokogiri (~> 1.3)

PLATFORMS
  ruby

DEPENDENCIES
  capybara
  cucumber-rails
  dashstrap!
  database_cleaner
  denden_mushi!
  email_spec
  faalis!
  factory_girl_rails (~> 4.0)
  json_spec!
  pry
  rspec-rails (~> 3.0.0.beta)
  sqlite3
